GEM
  remote: http://rubygems.org/
  specs:
    atoulme-Antwrap (0.7.1)
      rjb (>= 1.0.3)
    atoulme-Antwrap (0.7.1-java)
    bouncy-castle-java (1.5.0145.2)
    builder (2.1.2)
    buildr (1.4.4)
      atoulme-Antwrap (= 0.7.1)
      builder (= 2.1.2)
      highline (= 1.5.1)
      hoe (= 2.3.3)
      json_pure (= 1.4.3)
      minitar (= 0.5.3)
      net-sftp (= 2.0.4)
      net-ssh (= 2.0.23)
      rake (= 0.8.7)
      rjb (= 1.3.3)
      rspec (~> 1.3.1)
      rubyforge (= 2.0.3)
      rubyzip (= 0.9.1)
      xml-simple (= 1.0.12)
    buildr (1.4.4-java)
      atoulme-Antwrap (= 0.7.1)
      builder (= 2.1.2)
      highline (= 1.5.1)
      hoe (= 2.3.3)
      jruby-openssl (>= 0.7)
      json_pure (= 1.4.3)
      minitar (= 0.5.3)
      net-sftp (= 2.0.4)
      net-ssh (= 2.0.23)
      rake (= 0.8.7)
      rspec (~> 1.3.1)
      rubyforge (= 2.0.3)
      rubyzip (= 0.9.1)
      xml-simple (= 1.0.12)
    git (1.2.5)
    highline (1.5.1)
    hoe (2.3.3)
      rake (>= 0.8.7)
      rubyforge (>= 1.0.4)
    jeweler (1.5.2)
      bundler (~> 1.0.0)
      git (>= 1.2.5)
      rake
    jruby-openssl (0.7.3)
      bouncy-castle-java
    json_pure (1.4.3)
    minitar (0.5.3)
    naether (0.2.3)
      rjb (= 1.3.3)
    naether (0.2.3-java)
    net-sftp (2.0.4)
      net-ssh (>= 2.0.9)
    net-ssh (2.0.23)
    rake (0.8.7)
    rjb (1.3.3)
    rspec (1.3.1)
    rubyforge (2.0.3)
      json_pure (>= 1.1.7)
    rubyzip (0.9.1)
    xml-simple (1.0.12)

PLATFORMS
  java
  ruby

DEPENDENCIES
  buildr (= 1.4.4)
  bundler (~> 1.0.0)
  jeweler (~> 1.5.2)
  naether (= 0.2.3)
  rspec (~> 1.3.1)
